NUGET
  remote: https://www.nuget.org/api/v2
    Aether (8.1.2)
    Chiron (6.2)
      Aether (>= 8.0.2 < 9.0)
      FParsec (>= 1.0 < 2.0)
    FParsec (1.0.2)
    FSharp.Core (3.1.2.5)
    Fuchu (1.0.3)
      FSharp.Core (>= 3.1.2.1)
    Hopac (0.3.6)
      FSharp.Core (>= 3.1.2.5)
    Http.fs (3.0.7)
      FSharp.Core (>= 3.1.2.5)
      Hopac (>= 0.3.4)
    NodaTime (1.3.2)
    NuGet.CommandLine (3.4.3)
GITHUB
  remote: logary/logary
    src/Logary.Facade/Facade.fs (da61368c9e5f8cf0466d56a3504a81aa64f4011b)