NUGET
  remote: https://www.nuget.org/api/v2
    Aether (8.1.2)
    Chiron (6.2)
      Aether (>= 8.0.2 < 9.0)
      FParsec (>= 1.0 < 2.0)
    FParsec (1.0.2)
    FSharp.Core (3.1.2.5)
    Fuchu (1.0.3)
      FSharp.Core (>= 3.1.2.1)
    Hopac (0.3.1)
      FSharp.Core (>= 3.1.2.5)
    Http.fs (3.0.6)
      FSharp.Core (>= 3.1.2.5)
      Hopac (>= 0.3)
    NodaTime (1.3.2)
    NuGet.CommandLine (3.4.3)
