FRAMEWORK: NET45
NUGET
  remote: https://www.nuget.org/api/v2
    Aether (8.1.2)
    Chiron (6.2.1)
      Aether (>= 8.0.2 < 9.0)
      FParsec (>= 1.0 < 2.0)
    FParsec (1.0.2)
    FSharp.Core (3.1.2.5)
    Fuchu (1.0.3)
      FSharp.Core (>= 3.1.2.1)
    Hopac (0.3.21)
      FSharp.Core (>= 3.1.2.5)
    Http.fs (4.1)
      FSharp.Core (>= 3.1.2.5)
      Hopac (>= 0.3.21)
    NodaTime (1.3.2)
    NuGet.CommandLine (3.4.3)
GITHUB
  remote: logary/logary
    src/Logary.Facade/Facade.fs (e4c1f295e8538916bcc44741a5d5158631172c60)